GEM
  remote: https://rubygems.org/
  specs:
    diff-lcs (1.1.3)
    logger (1.2.8)
    pg (0.14.1)
    rspec (2.11.0)
      rspec-core (~> 2.11.0)
      rspec-expectations (~> 2.11.0)
      rspec-mocks (~> 2.11.0)
    rspec-core (2.11.1)
    rspec-expectations (2.11.3)
      diff-lcs (~> 1.1.3)
    rspec-mocks (2.11.3)
    sequel (3.39.0)

PLATFORMS
  ruby

DEPENDENCIES
  logger
  pg
  rspec
  sequel
